GEM
  remote: https://rubygems.org/
  specs:
    activesupport (6.1.7.3)
      concurrent-ruby (~> 1.0, >= 1.0.2)
      i18n (>= 1.6, < 2)
      minitest (>= 5.1)
      tzinfo (~> 2.0)
      zeitwerk (~> 2.3)
    benchmark-malloc (0.1.0)
    benchmark-perf (0.5.0)
    benchmark-trend (0.3.0)
    concurrent-ruby (1.2.2)
    diff-lcs (1.3)
    faker (2.1.2)
      i18n (>= 0.8)
    i18n (1.12.0)
      concurrent-ruby (~> 1.0)
    minitest (5.18.0)
    rspec (3.8.0)
      rspec-core (~> 3.8.0)
      rspec-expectations (~> 3.8.0)
      rspec-mocks (~> 3.8.0)
    rspec-benchmark (0.5.0)
      benchmark-malloc (~> 0.1.0)
      benchmark-perf (~> 0.5.0)
      benchmark-trend (~> 0.3.0)
      rspec (>= 3.0.0, < 4.0.0)
    rspec-core (3.8.2)
      rspec-support (~> 3.8.0)
    rspec-expectations (3.8.4)
      diff-lcs (>= 1.2.0, < 2.0)
      rspec-support (~> 3.8.0)
    rspec-mocks (3.8.1)
      diff-lcs (>= 1.2.0, < 2.0)
      rspec-support (~> 3.8.0)
    rspec-support (3.8.2)
    tzinfo (2.0.6)
      concurrent-ruby (~> 1.0)
    zeitwerk (2.6.7)

PLATFORMS
  ruby

DEPENDENCIES
  activesupport (~> 6.1)
  faker (~> 2.1.2)
  rspec (~> 3.8.0)
  rspec-benchmark (~> 0.5.0)

BUNDLED WITH
   2.0.2
