GEM
  remote: https://rubygems.org/
  specs:
    activesupport (6.0.6.1)
      concurrent-ruby (~> 1.0, >= 1.0.2)
      i18n (>= 0.7, < 2)
      minitest (~> 5.1)
      tzinfo (~> 1.1)
      zeitwerk (~> 2.2, >= 2.2.2)
    benchmark-malloc (0.1.0)
    benchmark-perf (0.5.0)
    benchmark-trend (0.3.0)
    concurrent-ruby (1.2.0)
    diff-lcs (1.3)
    faker (2.1.2)
      i18n (>= 0.8)
    i18n (1.12.0)
      concurrent-ruby (~> 1.0)
    minitest (5.17.0)
    rspec (3.8.0)
      rspec-core (~> 3.8.0)
      rspec-expectations (~> 3.8.0)
      rspec-mocks (~> 3.8.0)
    rspec-benchmark (0.5.0)
      benchmark-malloc (~> 0.1.0)
      benchmark-perf (~> 0.5.0)
      benchmark-trend (~> 0.3.0)
      rspec (>= 3.0.0, < 4.0.0)
    rspec-core (3.8.2)
      rspec-support (~> 3.8.0)
    rspec-expectations (3.8.4)
      diff-lcs (>= 1.2.0, < 2.0)
      rspec-support (~> 3.8.0)
    rspec-mocks (3.8.1)
      diff-lcs (>= 1.2.0, < 2.0)
      rspec-support (~> 3.8.0)
    rspec-support (3.8.2)
    thread_safe (0.3.6)
    tzinfo (1.2.11)
      thread_safe (~> 0.1)
    zeitwerk (2.6.6)

PLATFORMS
  ruby

DEPENDENCIES
  activesupport (~> 6.0)
  faker (~> 2.1.2)
  rspec (~> 3.8.0)
  rspec-benchmark (~> 0.5.0)

BUNDLED WITH
   2.0.2
